GEM
  remote: https://rubygems.org/
  specs:
    rubyzip (1.2.0)

PLATFORMS
  ruby

DEPENDENCIES
  rubyzip

RUBY VERSION
   ruby 2.3.1p112

BUNDLED WITH
   1.12.5
